GEM
  remote: http://rubygems.org/
  specs:
    awesome_print (1.8.0)
    colorize (0.8.1)
    diff-lcs (1.3)
    mini_portile2 (2.8.1)
    nokogiri (1.14.3)
      mini_portile2 (~> 2.8.0)
      racc (~> 1.4)
    racc (1.6.2)
    rspec (3.5.0)
      rspec-core (~> 3.5.0)
      rspec-expectations (~> 3.5.0)
      rspec-mocks (~> 3.5.0)
    rspec-core (3.5.4)
      rspec-support (~> 3.5.0)
    rspec-expectations (3.5.0)
      diff-lcs (>= 1.2.0, < 2.0)
      rspec-support (~> 3.5.0)
    rspec-mocks (3.5.0)
      diff-lcs (>= 1.2.0, < 2.0)
      rspec-support (~> 3.5.0)
    rspec-support (3.5.0)
    rubyzip (1.0.0)
    rxl (0.6.0)
    simple_xlsx_reader (1.0.2)
      nokogiri
      rubyzip

PLATFORMS
  ruby

DEPENDENCIES
  awesome_print
  colorize
  rspec
  rxl (>= 0.6.0)
  simple_xlsx_reader

BUNDLED WITH
   2.0.1
